PATH
  remote: .
  specs:
    baiduAiFace (0.2.3)
      mime-types

GEM
  remote: https://rubygems.org/
  specs:
    diff-lcs (1.3)
    mime-types (3.2.2)
      mime-types-data (~> 3.2015)
    mime-types-data (3.2018.0812)
    rake (10.5.0)
    rspec (3.8.0)
      rspec-core (~> 3.8.0)
      rspec-expectations (~> 3.8.0)
      rspec-mocks (~> 3.8.0)
    rspec-core (3.8.0)
      rspec-support (~> 3.8.0)
    rspec-expectations (3.8.1)
      diff-lcs (>= 1.2.0, < 2.0)
      rspec-support (~> 3.8.0)
    rspec-mocks (3.8.0)
      diff-lcs (>= 1.2.0, < 2.0)
      rspec-support (~> 3.8.0)
    rspec-support (3.8.0)

PLATFORMS
  ruby

DEPENDENCIES
  baiduAiFace!
  bundler (~> 1.16)
  mime-types (~> 3.0)
  rake (~> 10.0)
  rspec (~> 3.0)

BUNDLED WITH
   1.16.2
